GEM
  remote: https://rubygems.org/
  specs:
    sass (3.4.5)
    sass-globbing (1.1.1)
      sass (>= 3.1)

PLATFORMS
  ruby

DEPENDENCIES
  sass
  sass-globbing
